GEM
  remote: https://rubygems.org/
  specs:
    ZenTest (4.11.0)
    autotest-fsevent (0.2.11)
      sys-uname
    autotest-growl (0.2.16)
    coderay (1.1.1)
    diff-lcs (1.2.5)
    ffi (1.9.10)
    method_source (0.8.2)
    pry (0.10.3)
      coderay (~> 1.1.0)
      method_source (~> 0.8.1)
      slop (~> 3.4)
    rack (1.6.4)
    rack-protection (1.5.3)
      rack
    rack-test (0.6.3)
      rack (>= 1.0)
    rspec (3.4.0)
      rspec-core (~> 3.4.0)
      rspec-expectations (~> 3.4.0)
      rspec-mocks (~> 3.4.0)
    rspec-autotest (1.0.0)
      rspec-core (>= 2.99.0.beta1, < 4.0.0)
    rspec-core (3.4.4)
      rspec-support (~> 3.4.0)
    rspec-expectations (3.4.0)
      diff-lcs (>= 1.2.0, < 2.0)
      rspec-support (~> 3.4.0)
    rspec-mocks (3.4.1)
      diff-lcs (>= 1.2.0, < 2.0)
      rspec-support (~> 3.4.0)
    rspec-support (3.4.1)
    shotgun (0.9.1)
      rack (>= 1.0)
    sinatra (1.4.7)
      rack (~> 1.5)
      rack-protection (~> 1.4)
      tilt (>= 1.3, < 3)
    slop (3.6.0)
    sys-uname (1.0.2)
      ffi (>= 1.0.0)
    tilt (2.0.2)

PLATFORMS
  ruby

DEPENDENCIES
  ZenTest (~> 4.11.0)
  autotest-fsevent (~> 0.2.11)
  autotest-growl (~> 0.2.16)
  pry
  rack (~> 1.6.4)
  rack-test (~> 0.6.3)
  rspec
  rspec-autotest (~> 1.0.0)
  shotgun (~> 0.9.1)
  sinatra (~> 1.4.7)
